GEM
  remote: https://rubygems.org/
  specs:
    backports (3.15.0)
    bcrypt (3.1.13)
    bson (4.5.0)
    bson_ext (1.5.1)
    haml (5.1.1)
      temple (>= 0.8.0)
      tilt
    mongo (2.9.0)
      bson (>= 4.4.2, < 5.0.0)
    multi_json (1.13.1)
    mustermann (1.0.3)
    nio4r (2.4.0)
    puma (4.0.1)
      nio4r (~> 2.0)
    rack (2.0.7)
    rack-protection (2.0.5)
      rack
    sinatra (2.0.5)
      mustermann (~> 1.0)
      rack (~> 2.0)
      rack-protection (= 2.0.5)
      tilt (~> 2.0)
    sinatra-contrib (2.0.5)
      backports (>= 2.8.2)
      multi_json
      mustermann (~> 1.0)
      rack-protection (= 2.0.5)
      sinatra (= 2.0.5)
      tilt (>= 1.3, < 3)
    temple (0.8.1)
    tilt (2.0.9)

PLATFORMS
  ruby

DEPENDENCIES
  bcrypt
  bson_ext
  haml
  mongo
  puma
  sinatra
  sinatra-contrib

BUNDLED WITH
   2.0.2
